GIT
  remote: https://github.com/cmrd-senya/capistrano-db-tasks
  revision: d6c3ef5c71c74a83670b3dcca2dcee0e49c62adb
  branch: dump_task.2
  specs:
    capistrano-db-tasks (0.4)
      capistrano (>= 3.0.0)

GEM
  remote: https://rubygems.org/
  specs:
    airbrussh (1.1.1)
      sshkit (>= 1.6.1, != 1.7.0)
    capistrano (3.7.1)
      airbrussh (>= 1.0.0)
      capistrano-harrow
      i18n
      rake (>= 10.0.0)
      sshkit (>= 1.9.0)
    capistrano-bundler (1.2.0)
      capistrano (~> 3.1)
      sshkit (~> 1.2)
    capistrano-harrow (0.5.3)
    capistrano-rails (1.2.1)
      capistrano (~> 3.1)
      capistrano-bundler (~> 1.1)
    capistrano-rvm (0.1.2)
      capistrano (~> 3.0)
      sshkit (~> 1.2)
    i18n (0.7.0)
    net-scp (1.2.1)
      net-ssh (>= 2.6.5)
    net-ssh (4.0.0)
    rake (12.0.0)
    sshkit (1.11.5)
      net-scp (>= 1.1.2)
      net-ssh (>= 2.8.0)

PLATFORMS
  ruby

DEPENDENCIES
  capistrano
  capistrano-db-tasks!
  capistrano-rails
  capistrano-rvm

BUNDLED WITH
   1.13.7
